PATH
  remote: .
  specs:
    solidus_redsys (1.0.2)
      solidus_core (>= 1.4)

GEM
  remote: http://rubygems.org/
  specs:
    actionmailer (6.1.3.2)
      actionpack (= 6.1.3.2)
      actionview (= 6.1.3.2)
      activejob (= 6.1.3.2)
      activesupport (= 6.1.3.2)
      mail (~> 2.5, >= 2.5.4)
      rails-dom-testing (~> 2.0)
    actionpack (6.1.3.2)
      actionview (= 6.1.3.2)
      activesupport (= 6.1.3.2)
      rack (~> 2.0, >= 2.0.9)
      rack-test (>= 0.6.3)
      rails-dom-testing (~> 2.0)
      rails-html-sanitizer (~> 1.0, >= 1.2.0)
    actionview (6.1.3.2)
      activesupport (= 6.1.3.2)
      builder (~> 3.1)
      erubi (~> 1.4)
      rails-dom-testing (~> 2.0)
      rails-html-sanitizer (~> 1.1, >= 1.2.0)
    activejob (6.1.3.2)
      activesupport (= 6.1.3.2)
      globalid (>= 0.3.6)
    activemerchant (1.119.0)
      activesupport (>= 4.2)
      builder (>= 2.1.2, < 4.0.0)
      i18n (>= 0.6.9)
      nokogiri (~> 1.4)
    activemodel (6.1.3.2)
      activesupport (= 6.1.3.2)
    activerecord (6.1.3.2)
      activemodel (= 6.1.3.2)
      activesupport (= 6.1.3.2)
    activesupport (6.1.3.2)
      concurrent-ruby (~> 1.0, >= 1.0.2)
      i18n (>= 1.6, < 2)
      minitest (>= 5.1)
      tzinfo (~> 2.0)
      zeitwerk (~> 2.3)
    acts_as_list (1.0.4)
      activerecord (>= 4.2)
    awesome_nested_set (3.4.0)
      activerecord (>= 4.0.0, < 7.0)
    builder (3.2.4)
    cancancan (3.2.1)
    capybara (2.4.4)
      mime-types (>= 1.16)
      nokogiri (>= 1.3.3)
      rack (>= 1.0.0)
      rack-test (>= 0.5.4)
      xpath (~> 2.0)
    carmen (1.1.3)
      activesupport (>= 3.0.0)
    climate_control (0.2.0)
    columnize (0.3.6)
    concurrent-ruby (1.1.8)
    crass (1.0.6)
    debugger (1.3.1)
      columnize (>= 0.3.1)
      debugger-linecache (~> 1.1.1)
      debugger-ruby_core_source (~> 1.1.8)
    debugger-linecache (1.1.2)
      debugger-ruby_core_source (>= 1.1.1)
    debugger-ruby_core_source (1.1.8)
    diff-lcs (1.4.4)
    discard (1.2.0)
      activerecord (>= 4.2, < 7)
    erubi (1.10.0)
    factory_girl (4.9.0)
      activesupport (>= 3.0.0)
    ffaker (1.12.1)
    ffi (1.15.0)
    friendly_id (5.4.2)
      activerecord (>= 4.0.0)
    globalid (0.4.2)
      activesupport (>= 4.2.0)
    i18n (1.8.10)
      concurrent-ruby (~> 1.0)
    image_processing (1.12.1)
      mini_magick (>= 4.9.5, < 5)
      ruby-vips (>= 2.0.17, < 3)
    kaminari-activerecord (1.2.1)
      activerecord
      kaminari-core (= 1.2.1)
    kaminari-core (1.2.1)
    kt-paperclip (6.4.1)
      activemodel (>= 4.2.0)
      activesupport (>= 4.2.0)
      mime-types
      mimemagic (~> 0.3.0)
      terrapin (~> 0.6.0)
    loofah (2.9.1)
      crass (~> 1.0.2)
      nokogiri (>= 1.5.9)
    mail (2.7.1)
      mini_mime (>= 0.1.1)
    method_source (1.0.0)
    mime-types (3.3.1)
      mime-types-data (~> 3.2015)
    mime-types-data (3.2021.0225)
    mimemagic (0.3.10)
      nokogiri (~> 1)
      rake
    mini_magick (4.11.0)
    mini_mime (1.1.0)
    mini_portile2 (2.5.1)
    minitest (5.14.4)
    monetize (1.11.0)
      money (~> 6.12)
    money (6.16.0)
      i18n (>= 0.6.4, <= 2)
    nokogiri (1.11.4)
      mini_portile2 (~> 2.5.0)
      racc (~> 1.4)
    racc (1.5.2)
    rack (2.2.3)
    rack-test (1.1.0)
      rack (>= 1.0, < 3)
    rails-dom-testing (2.0.3)
      activesupport (>= 4.2.0)
      nokogiri (>= 1.6)
    rails-html-sanitizer (1.3.0)
      loofah (~> 2.3)
    railties (6.1.3.2)
      actionpack (= 6.1.3.2)
      activesupport (= 6.1.3.2)
      method_source
      rake (>= 0.8.7)
      thor (~> 1.0)
    rake (13.0.3)
    ransack (2.4.2)
      activerecord (>= 5.2.4)
      activesupport (>= 5.2.4)
      i18n
    rspec-core (3.1.7)
      rspec-support (~> 3.1.0)
    rspec-expectations (3.1.2)
      diff-lcs (>= 1.2.0, < 2.0)
      rspec-support (~> 3.1.0)
    rspec-mocks (3.1.3)
      rspec-support (~> 3.1.0)
    rspec-rails (3.1.0)
      actionpack (>= 3.0)
      activesupport (>= 3.0)
      railties (>= 3.0)
      rspec-core (~> 3.1.0)
      rspec-expectations (~> 3.1.0)
      rspec-mocks (~> 3.1.0)
      rspec-support (~> 3.1.0)
    rspec-support (3.1.2)
    ruby-vips (2.1.2)
      ffi (~> 1.12)
    solidus_core (3.0.1)
      actionmailer (>= 5.2, < 6.2.x)
      actionpack (>= 5.2, < 6.2.x)
      actionview (>= 5.2, < 6.2.x)
      activejob (>= 5.2, < 6.2.x)
      activemerchant (~> 1.66)
      activemodel (>= 5.2, < 6.2.x)
      activerecord (>= 5.2, < 6.2.x)
      activesupport (>= 5.2, < 6.2.x)
      acts_as_list (< 2.0)
      awesome_nested_set (~> 3.3)
      cancancan (>= 2.2, < 4.0)
      carmen (~> 1.1.0)
      discard (~> 1.0)
      friendly_id (~> 5.0)
      image_processing (~> 1.10)
      kaminari-activerecord (~> 1.1)
      kt-paperclip (~> 6.3)
      mini_magick (~> 4.10)
      monetize (~> 1.8)
      railties (>= 5.2, < 6.2.x)
      ransack (~> 2.0)
      state_machines-activerecord (~> 0.6)
    sqlite3 (1.3.7)
    state_machines (0.5.0)
    state_machines-activemodel (0.8.0)
      activemodel (>= 5.1)
      state_machines (>= 0.5.0)
    state_machines-activerecord (0.8.0)
      activerecord (>= 5.1)
      state_machines-activemodel (>= 0.8.0)
    terrapin (0.6.0)
      climate_control (>= 0.0.3, < 1.0)
    thor (1.1.0)
    tzinfo (2.0.4)
      concurrent-ruby (~> 1.0)
    xpath (2.1.0)
      nokogiri (~> 1.3)
    zeitwerk (2.4.2)

PLATFORMS
  ruby

DEPENDENCIES
  capybara (= 2.4.4)
  debugger
  factory_girl (~> 4.4)
  ffaker
  rspec-rails (~> 3.1.0)
  solidus_redsys!
  sqlite3
